GEM
  remote: https://rubygems.org/
  specs:
    colorize (0.8.1)
    mail (2.7.0)
      mini_mime (>= 0.1.1)
    mini_mime (1.0.0)
    terminal-table (1.8.0)
      unicode-display_width (~> 1.1, >= 1.1.1)
    unicode-display_width (1.3.0)

PLATFORMS
  ruby

DEPENDENCIES
  colorize
  mail
  terminal-table

BUNDLED WITH
   1.16.1
